GEM
  remote: http://rubygems.org/
  specs:
    haml (3.1.2)
    mime-types (1.16)
    rack (1.3.0)
    rest-client (1.6.7)
      mime-types (>= 1.16)
    shotgun (0.9)
      rack (>= 1.0)
    sinatra (1.1.4)
      rack (~> 1.1)
      tilt (>= 1.2.2, < 2.0)
    sinatra-ghetto_i18n (0.1.0)
      sinatra
    tilt (1.3.2)

PLATFORMS
  ruby

DEPENDENCIES
  haml (>= 3)
  rest-client
  shotgun
  sinatra (~> 1.1.3)
  sinatra-ghetto_i18n
