GEM
  remote: http://rubygems.org/
  specs:
    haml (3.0.15)
    rack (1.2.2)
    sinatra (1.1.3)
      rack (~> 1.1)
      tilt (>= 1.2.2, < 2.0)
    tilt (1.2.2)

PLATFORMS
  ruby

DEPENDENCIES
  haml (>= 3)
  sinatra (~> 1.1.3)
